PATH
  remote: .
  specs:
    mathnet-crawler (0.1.0)
      commander (~> 4.3)
      nokogiri (~> 1.6.6)

GEM
  remote: https://rubygems.org/
  specs:
    ast (2.1.0)
    astrolabe (1.3.1)
      parser (~> 2.2)
    byebug (6.0.2)
    coderay (1.1.0)
    commander (4.3.5)
      highline (~> 1.7.2)
    highline (1.7.7)
    method_source (0.8.2)
    mini_portile (0.6.2)
    nokogiri (1.6.6.2)
      mini_portile (~> 0.6.0)
    parser (2.2.2.6)
      ast (>= 1.1, < 3.0)
    powerpack (0.1.1)
    pry (0.10.1)
      coderay (~> 1.1.0)
      method_source (~> 0.8.1)
      slop (~> 3.4)
    rainbow (2.0.0)
    rake (10.4.2)
    rubocop (0.34.2)
      astrolabe (~> 1.3)
      parser (>= 2.2.2.5, < 3.0)
      powerpack (~> 0.1)
      rainbow (>= 1.99.1, < 3.0)
      ruby-progressbar (~> 1.4)
    ruby-progressbar (1.7.5)
    slop (3.6.0)

PLATFORMS
  ruby

DEPENDENCIES
  bundler (~> 1.10)
  byebug (~> 6.0)
  mathnet-crawler!
  pry (~> 0.10)
  rake (~> 10.0)
  rubocop (~> 0.34.2)

BUNDLED WITH
   1.10.6
